GEM
  remote: https://rubygems.org/
  specs:
    coderay (1.1.3)
    method_source (1.0.0)
    optimist (3.0.1)
    pry (0.14.1)
      coderay (~> 1.1)
      method_source (~> 1.0)
    rly (0.2.3)

PLATFORMS
  ruby
  x86_64-darwin-17
  x86_64-darwin-18

DEPENDENCIES
  optimist (~> 3.0)
  pry (~> 0.14.1)
  rly (~> 0.2.3)

BUNDLED WITH
   2.2.17
